GEM
  remote: https://rubygems.org/
  specs:
    capistrano (3.4.0)
      i18n
      rake (>= 10.0.0)
      sshkit (~> 1.3)
    capistrano-composer (0.0.6)
      capistrano (>= 3.0.0.pre)
    capistrano-file-permissions (0.1.0)
      capistrano (>= 3.0.0)
    colorize (0.7.5)
    i18n (0.7.0)
    net-scp (1.2.1)
      net-ssh (>= 2.6.5)
    net-ssh (2.9.2)
    rainbow (2.0.0)
    rake (10.4.2)
    sass (3.4.11)
    scss-lint (0.35.0)
      rainbow (~> 2.0)
      sass (~> 3.4.1)
    sshkit (1.7.1)
      colorize (>= 0.7.0)
      net-scp (>= 1.1.2)
      net-ssh (>= 2.8.0)

PLATFORMS
  ruby

DEPENDENCIES
  capistrano (~> 3.4.0)
  capistrano-composer
  capistrano-file-permissions
  scss-lint (~> 0.35.0)
